GEM
  remote: http://rubygems.org/
  specs:
    atk (3.0.7)
      glib2 (= 3.0.7)
    cairo (1.14.3)
      pkg-config (>= 1.1.5)
    gdk_pixbuf2 (3.0.7)
      glib2 (= 3.0.7)
    glib2 (3.0.7)
      pkg-config
    green_shoes (1.1.374)
      gtk2
    gtk2 (3.0.7)
      atk (= 3.0.7)
      gdk_pixbuf2 (= 3.0.7)
      pango (= 3.0.7)
    i18n (0.7.0)
    ordinalize_full (1.3.0)
      i18n (~> 0.7.0)
    pango (3.0.7)
      cairo (>= 1.14.0)
      glib2 (= 3.0.7)
    pkg-config (1.1.6)

PLATFORMS
  ruby

DEPENDENCIES
  green_shoes
  ordinalize_full

BUNDLED WITH
   1.10.6
